
type = string-attribute
name = HISTORY_NOTE
count = 735
'[ptaylor@Valta-X3: Wed Mar 20 11:53:48 2024] 3dDeconvolve -input pb04.sub-002.r01.scale+tlrc.HEAD pb04.sub-002.r02.scale+tlrc.HEAD pb04.sub-002.r03.scale+tlrc.HEAD -censor censor_sub-002_combined_2.1D -ortvec mot_demean.r01.1D mot_demean_r01 -ortvec mot_demean.r02.1D mot_demean_r02 -ortvec mot_demean.r03.1D mot_demean_r03 -polort 3 -num_stimts 2 -stim_times 1 stimuli/times.vis.txt 'BLOCK(20,1)' -stim_label 1 vis -stim_times 2 stimuli/times.aud.txt 'BLOCK(20,1)' -stim_label 2 aud -jobs 2 -gltsym 'SYM: vis -aud' -glt_label 1 V-A -gltsym 'SYM: 0.5*vis +0.5*aud' -glt_label 2 mean.VA -fout -tout -x1D X.xmat.1D -xjpeg X.jpg -x1D_uncensored X.nocensor.xmat.1D -errts errts.sub-002 -bucket stats.sub-002 ; Output prefix: errts.sub-002~

type = string-attribute
name = TYPESTRING
count = 15
'3DIM_HEAD_ANAT~

type = string-attribute
name = IDCODE_STRING
count = 27
'AFN_YfeP2zyZtWEyPP9z8z8gyg~

type = string-attribute
name = IDCODE_DATE
count = 25
'Wed Mar 20 11:53:48 2024~

type = integer-attribute
name = SCENE_DATA
count = 8
 2 2 0 -999 -999
 -999 -999 -999

type = string-attribute
name = LABEL_1
count = 14
'errts.sub-002~

type = string-attribute
name = LABEL_2
count = 5
'zyxt~

type = string-attribute
name = DATASET_NAME
count = 14
'errts.sub-002~

type = integer-attribute
name = ORIENT_SPECIFIC
count = 3
 1 2 4

type  = float-attribute
name  = ORIGIN
count = 3
             95         131.75            -77

type  = float-attribute
name  = DELTA
count = 3
           -2.5           -2.5            2.5

type  = float-attribute
name  = IJK_TO_DICOM
count = 12
           -2.5              0              0             95              0
           -2.5              0         131.75              0              0
            2.5            -77

type  = float-attribute
name  = IJK_TO_DICOM_REAL
count = 12
           -2.5              0              0             95              0
           -2.5              0         131.75              0              0
            2.5            -77

type  = float-attribute
name  = BRICK_STATS
count = 900
       -126.715       119.4473      -123.0532       149.9365      -146.3801
       152.1787      -110.1651       151.9155      -105.7401       144.3303
      -97.65159       156.7836      -110.1202       171.4071      -113.9903
       142.2317      -102.6921       136.8075       -86.8316       152.4531
      -118.5395       147.8001      -106.4236       139.1469      -119.1866
       162.7844      -110.2578       141.5985      -107.8568       140.5885
       -101.036       152.8966      -97.69471       150.3606      -101.3634
       152.4255      -96.63477       158.2835      -104.2144       146.5855
      -108.2341        151.415      -96.11606       150.8179      -101.1431
       139.1492      -99.80193        165.699      -126.7542       162.7037
      -111.4261       156.9886      -140.0355       139.5098      -136.8004
       159.6843      -103.8733       157.8779      -100.6355       167.4276
      -95.09562       141.6897      -94.31649       144.4472      -106.6976
       135.8084      -103.7929       149.2675       -103.761       152.0069
      -103.1565       161.7788      -117.5428       145.5742      -97.44202
       146.6929      -90.60132       147.7028      -122.5867       145.3004
      -125.1947       166.7099              0              0              0
              0              0              0              0              0
      -114.3257       155.3065       -115.792        147.586      -126.2144
       131.9351      -104.4663       152.2542      -100.7153       149.0846
      -104.5289       157.1463      -98.49529       153.4615      -94.23046
       149.5731      -92.50026        144.183      -90.74386       148.9626
      -129.5137       136.4849      -107.8479       144.1646      -105.7062
       153.7994      -123.7208       161.3384      -117.8522       137.4974
       -107.149       144.1755         -98.73       147.3866      -145.7994
       138.3585      -101.9657       146.9276      -115.0819       143.3828
      -112.5237       128.7335      -97.03342       150.7554      -136.9827
       145.5801      -92.17283       147.2032      -104.4815        157.793
      -104.2148       146.6293      -103.0108       147.6292       -103.005
       165.3732       -92.8788       139.8248      -109.2754       133.6352
      -107.3499       121.9289      -112.7566       148.1906      -115.3307
       154.1104      -104.5349        170.084      -89.84734       157.3433
      -98.70735       142.1109      -93.85929       150.1536       -83.9475
       152.0844         -87.55       142.9935      -99.36382       159.6808
      -87.32076       134.5037      -92.58962       144.2478      -105.1368
       127.4876      -104.9444       152.5148      -99.75749       149.7068
      -98.21697       139.5554       -102.338        153.281      -98.27196
       127.5692      -103.9225       155.1548      -103.5525       150.2318
      -106.2735       138.4651       -98.9156        161.501      -94.55199
       127.4358      -96.09369       134.0757      -101.5195       137.0429
      -109.6753       143.4993      -106.4222        135.242      -103.1161
       139.0694      -112.5891       135.5421      -102.8807       128.2517
      -130.2049       127.1098      -99.38953       131.4468      -98.98661
        132.554      -106.3576       146.7313      -139.9115       138.6828
      -126.1345       142.8899       -136.368       144.9109      -108.5924
        136.158      -153.3934       110.8251      -121.5663       125.2985
      -125.3279       125.8798      -150.2087       117.0115      -131.3932
       129.7476      -122.3209       136.6324      -126.3998       125.3563
      -113.4295       139.2318      -105.6335       125.5498      -129.5872
       142.1191      -122.6333       117.2771      -113.3652       140.5497
       -117.431       125.7574      -123.0277       131.2888      -122.6077
       131.3005       -122.003         165.39      -121.5702       130.4641
      -128.5519       126.9625      -109.6656       124.3064       -116.075
       112.5359      -127.0774       121.1849       -118.547       145.0343
      -131.5248       131.3117      -122.8106       113.3481      -118.0893
       130.4565      -133.8335       115.7665      -137.8839       139.4066
      -125.2588       135.2025      -132.1848       138.8528      -125.1877
       130.2574      -119.8874       139.5995      -128.9976       131.4308
      -125.2483        127.924      -124.0716       144.0011       -130.012
       124.3107      -129.0166       124.0672      -150.1814       146.1505
      -161.8256       132.4292      -150.5456       109.5814        -136.41
        125.672      -113.8966       126.2578      -117.8292       127.2656
      -117.5652       146.8556      -123.7611       138.3688      -111.9699
       123.8284      -127.1994       114.6161         -137.5       127.7247
      -112.4752       119.9829        -110.44       120.4837      -110.5396
        119.896      -117.1143       125.0105      -124.1011       135.8897
      -106.4116       125.7278      -112.8609       120.5137       -118.218
       123.5503      -122.1935       126.8738       -126.975       125.0407
      -109.4837       135.9343       -112.431        120.144      -104.9569
       126.7335      -110.7417       136.5009      -118.9043       132.3633
      -113.5282       132.4502      -122.6163       145.9698      -103.6521
       130.8796      -104.4329       126.7889      -105.9987        140.012
      -101.6145       131.5427      -100.4286       136.7105      -107.2195
       134.0317      -97.68336       134.0421      -94.50281       129.1526
      -98.17113       128.2513      -111.9385       138.2386      -110.3987
       137.0505       -99.6824       140.4505      -94.51978       130.6067
      -101.0917       134.9093      -112.0281       141.7643      -94.29411
       140.7275      -95.96155       136.7948      -108.9583       142.5573
      -96.17194       154.5643      -110.7129       137.7408      -105.0361
        142.793      -109.4724       135.7428      -102.7841       139.0493
      -96.90234       131.6459      -107.5103       181.5241      -103.7504
       151.1252      -103.6599       161.7094      -106.4336       130.4774
      -104.6622       148.5706      -112.8153       134.6247      -99.91895
       128.3483       -105.765       143.0997      -96.60471       142.6958
      -97.73785       147.8073      -94.14005       136.8711      -97.27863
       143.2228      -93.64375       147.0449      -89.34122       136.6616
      -99.80071       139.0919      -97.53296       145.1379      -102.4306
       148.5472      -109.5872          145.8      -90.95558       142.3728
      -109.1519       152.2734      -90.62076       145.6351       -112.224
       135.5126      -101.5691       151.2197      -95.75163       134.9826
      -110.2472       135.5458      -98.59326       134.0543      -101.9654
       134.8394      -102.5491       136.8471      -94.18777       131.6544
       -100.154       130.2081      -98.09048       128.0443      -105.8738
       140.8279      -115.7184       130.8326      -101.3259       140.0148
       -105.476       134.6259      -126.9003       148.4013       -109.294
       128.5792      -97.15231       141.6151       -89.9195       133.2828
      -95.79655       128.5639      -108.5413       138.5659      -104.2611
       128.1282      -107.3175       142.3143      -95.12685       133.2115
      -113.7292       135.3595      -105.1446       122.0458      -91.90983
       136.6051      -105.6238       151.4438      -104.6545       136.1149
      -113.2578       127.0889      -101.3026       133.2367      -111.4947
       146.9107      -115.9381       127.2153      -99.86132       131.6851
      -107.7698       143.5118      -109.5712       138.8611      -101.7115
       132.4901      -105.4993       133.5647      -102.7299       145.9422
      -102.9529       140.1341      -97.08907       143.5183      -103.0986
       143.6693      -104.8402       134.9818      -109.6913       136.9004
              0              0              0              0      -105.0839
       148.8879      -107.2453         135.55      -103.0364       134.0099
      -97.15802       142.1632      -93.39092       170.3752      -103.1605
       145.9188      -108.2473        133.134      -117.0269       126.0473
      -108.2206       134.9643      -98.52466        149.305      -90.30125
       144.8466      -103.6606       138.8847      -99.11444       137.2272
      -99.15027       141.1475      -98.54599       136.1814      -120.0066
       143.1816      -113.6169       126.8385       -125.177       143.6535
      -128.2325       161.8772      -98.11472       148.2087      -97.88788
       154.9045      -98.80212       134.5145      -107.6668       138.0238
      -94.53117       145.9953      -99.30412       150.7334      -101.8402
       142.2654      -103.0331       156.4753      -111.6753       147.3247
      -110.1814       170.6775      -114.7678       151.4952      -86.96455
        159.073      -89.64255       140.7476      -113.3251        146.216
      -137.1257       132.8237      -103.5454       137.1492      -117.1628
       139.7991      -126.7676       150.2848       -108.372       138.8068
      -100.7013       143.0136      -118.2673       141.4136       -114.752
       145.2404      -120.8792       150.7079      -114.8732       150.5036
      -117.8851       144.4061      -142.7637       133.8169      -115.5058
       147.8479      -122.7267       148.4061      -110.3339       143.3921
      -113.0021        143.051      -116.8236       143.5206      -122.7751
        141.706      -102.8505       154.9028      -111.0493       168.8769
      -114.8489       146.0119      -103.0979       157.8085      -112.1063
       162.5496      -113.9506       137.2068      -115.1819       157.4377
      -103.9505        157.502      -110.0869       138.8089      -107.5482
       140.2955        -116.59       135.6292       -109.499       135.7894
      -121.7914       136.2017      -105.0415       126.9579      -105.4833
       145.6813      -101.2234       151.0336      -101.4248       134.8929
      -104.3379       131.8648      -111.7495         124.63      -107.5449
       141.2444      -117.7552       142.7832      -115.5978       132.2372
      -100.8008       156.6441      -116.2673       142.1804      -108.2044
       151.0319      -115.3343       141.7955      -100.6265       131.3644
      -98.18044        144.621      -113.1676       135.8029      -114.2882
       139.1902      -110.2325       149.9958      -122.1842       154.5656
      -102.6508       143.0165      -112.2449       184.0338      -100.1085
       143.4175      -109.3196       146.8393      -100.8567        125.382
      -105.0074       148.7001      -109.3153       136.5777       -99.5754
        134.717      -101.4256       132.9216      -109.3647       158.8073
      -115.6665       123.9168      -101.8424       126.2999      -117.0822
        135.913      -103.7877       134.1564      -109.5264       131.4352
      -101.2627       126.5563      -124.0114       140.3006      -131.8219
       132.8015      -115.5627        133.003      -95.44747       134.8547
      -103.1002        146.106      -102.0573       146.6781      -115.2321
       131.5645       -109.328       135.5454      -113.0589       142.4471
      -100.8857       125.8475       -107.979       128.5671      -108.7684
       129.3469       -108.399       146.9929      -115.2304       132.3317
      -110.0226       133.7234      -110.8977       136.9453      -117.6603
       135.9042      -115.7483       129.8799      -104.4737        135.589
      -111.3844       127.4905      -103.8267       126.6314      -107.5921
        139.298      -110.2819       132.4384      -104.5313        128.271
      -105.4181       132.1738      -100.3575       134.8263      -96.32796
       155.2599      -102.8504       141.2833      -108.0267       146.2531
       -110.417       142.6762      -121.8827       130.1856      -121.4241
       156.1357      -104.4219       152.5812      -94.90163       146.6628
       -118.414        146.796      -111.9135       136.6151      -101.6773
       139.2093      -116.0933       161.8671      -119.4736       145.6991
      -125.0362         138.67      -115.0733       154.7484       -100.695
       135.2706      -117.7119       130.4214      -115.6728       140.6469
      -116.2626       130.4051      -111.7465        147.658      -134.2873
       143.5865      -118.9349       138.5412      -111.6346       147.0235
      -105.1802       146.7543      -112.3246       144.2116      -113.6996
       130.5449      -149.1893       146.0456      -110.9266        161.901
       -113.345       137.9948      -106.9532       148.6102      -112.6632
       139.7693      -109.4979       131.5092      -119.0776       174.1559
      -124.0589       159.3941      -103.5035       135.8097      -119.0407
       141.9228      -113.5053       139.0316      -112.8417       144.5298
      -125.8114       145.3987      -109.1184       153.2366      -124.3679
       148.0946      -109.0973       137.5344      -119.0382       156.0783
      -103.5785       139.6952      -144.4628       143.1478      -104.9705
       149.3888      -123.5843       136.9265      -118.0918       133.3094
      -121.3786        143.358      -116.4785       150.0942       -130.955
       151.6896      -116.0058       135.6852      -128.0745        142.641
      -119.8474       158.5657      -148.3561       140.8827      -134.0418
       147.9859      -152.7601       132.8563      -141.4254       150.9525

type = integer-attribute
name = TAXIS_NUMS
count = 8
 450 0 77002 -999 -999
 -999 -999 -999

type  = float-attribute
name  = TAXIS_FLOATS
count = 8
              0              2              0              0              0
        -999999        -999999        -999999

type = integer-attribute
name = DATASET_RANK
count = 8
 3 450 0 0 0
 0 0 0

type = integer-attribute
name = DATASET_DIMENSIONS
count = 5
 77 92 77 0 0

type = integer-attribute
name = BRICK_TYPES
count = 450
 3 3 3 3 3
 3 3 3 3 3
 3 3 3 3 3
 3 3 3 3 3
 3 3 3 3 3
 3 3 3 3 3
 3 3 3 3 3
 3 3 3 3 3
 3 3 3 3 3
 3 3 3 3 3
 3 3 3 3 3
 3 3 3 3 3
 3 3 3 3 3
 3 3 3 3 3
 3 3 3 3 3
 3 3 3 3 3
 3 3 3 3 3
 3 3 3 3 3
 3 3 3 3 3
 3 3 3 3 3
 3 3 3 3 3
 3 3 3 3 3
 3 3 3 3 3
 3 3 3 3 3
 3 3 3 3 3
 3 3 3 3 3
 3 3 3 3 3
 3 3 3 3 3
 3 3 3 3 3
 3 3 3 3 3
 3 3 3 3 3
 3 3 3 3 3
 3 3 3 3 3
 3 3 3 3 3
 3 3 3 3 3
 3 3 3 3 3
 3 3 3 3 3
 3 3 3 3 3
 3 3 3 3 3
 3 3 3 3 3
 3 3 3 3 3
 3 3 3 3 3
 3 3 3 3 3
 3 3 3 3 3
 3 3 3 3 3
 3 3 3 3 3
 3 3 3 3 3
 3 3 3 3 3
 3 3 3 3 3
 3 3 3 3 3
 3 3 3 3 3
 3 3 3 3 3
 3 3 3 3 3
 3 3 3 3 3
 3 3 3 3 3
 3 3 3 3 3
 3 3 3 3 3
 3 3 3 3 3
 3 3 3 3 3
 3 3 3 3 3
 3 3 3 3 3
 3 3 3 3 3
 3 3 3 3 3
 3 3 3 3 3
 3 3 3 3 3
 3 3 3 3 3
 3 3 3 3 3
 3 3 3 3 3
 3 3 3 3 3
 3 3 3 3 3
 3 3 3 3 3
 3 3 3 3 3
 3 3 3 3 3
 3 3 3 3 3
 3 3 3 3 3
 3 3 3 3 3
 3 3 3 3 3
 3 3 3 3 3
 3 3 3 3 3
 3 3 3 3 3
 3 3 3 3 3
 3 3 3 3 3
 3 3 3 3 3
 3 3 3 3 3
 3 3 3 3 3
 3 3 3 3 3
 3 3 3 3 3
 3 3 3 3 3
 3 3 3 3 3
 3 3 3 3 3

type  = float-attribute
name  = BRICK_FLOAT_FACS
count = 450
              0              0              0              0              0
              0              0              0              0              0
              0              0              0              0              0
              0              0              0              0              0
              0              0              0              0              0
              0              0              0              0              0
              0              0              0              0              0
              0              0              0              0              0
              0              0              0              0              0
              0              0              0              0              0
              0              0              0              0              0
              0              0              0              0              0
              0              0              0              0              0
              0              0              0              0              0
              0              0              0              0              0
              0              0              0              0              0
              0              0              0              0              0
              0              0              0              0              0
              0              0              0              0              0
              0              0              0              0              0
              0              0              0              0              0
              0              0              0              0              0
              0              0              0              0              0
              0              0              0              0              0
              0              0              0              0              0
              0              0              0              0              0
              0              0              0              0              0
              0              0              0              0              0
              0              0              0              0              0
              0              0              0              0              0
              0              0              0              0              0
              0              0              0              0              0
              0              0              0              0              0
              0              0              0              0              0
              0              0              0              0              0
              0              0              0              0              0
              0              0              0              0              0
              0              0              0              0              0
              0              0              0              0              0
              0              0              0              0              0
              0              0              0              0              0
              0              0              0              0              0
              0              0              0              0              0
              0              0              0              0              0
              0              0              0              0              0
              0              0              0              0              0
              0              0              0              0              0
              0              0              0              0              0
              0              0              0              0              0
              0              0              0              0              0
              0              0              0              0              0
              0              0              0              0              0
              0              0              0              0              0
              0              0              0              0              0
              0              0              0              0              0
              0              0              0              0              0
              0              0              0              0              0
              0              0              0              0              0
              0              0              0              0              0
              0              0              0              0              0
              0              0              0              0              0
              0              0              0              0              0
              0              0              0              0              0
              0              0              0              0              0
              0              0              0              0              0
              0              0              0              0              0
              0              0              0              0              0
              0              0              0              0              0
              0              0              0              0              0
              0              0              0              0              0
              0              0              0              0              0
              0              0              0              0              0
              0              0              0              0              0
              0              0              0              0              0
              0              0              0              0              0
              0              0              0              0              0
              0              0              0              0              0
              0              0              0              0              0
              0              0              0              0              0
              0              0              0              0              0
              0              0              0              0              0
              0              0              0              0              0
              0              0              0              0              0
              0              0              0              0              0
              0              0              0              0              0
              0              0              0              0              0
              0              0              0              0              0
              0              0              0              0              0
              0              0              0              0              0
              0              0              0              0              0

type = string-attribute
name = BRICK_LABS
count = 1932
'#2~#3~#4~#5~#6~#7~#8~#9~#10~#11~#12~#13~#14~#15~#16~#17~#18~#19~#20~#21~#22~#23~#24~#25~#26~#27~#28~#29~#30~#31~#32~#33~#34~#35~#36~#37~#38~#39~#40~#41~#42~#43~#44~#45~#46~#47~#48~#49~#50~#51~#52~#53~#54~#55~#56~#57~#58~#59~#60~#61~#62~#63~#64~#65~#66~#67~#68~#69~#70~#71~#72~#73~#74~#75~#76~#77~#78~#79~#80~#81~#82~#83~#84~#85~#86~#87~#88~#89~#90~#91~#92~#93~#94~#95~#96~#97~#98~#99~#100~#101~#102~#103~#104~#105~#106~#107~#108~#109~#110~#111~#112~#113~#114~#115~#116~#117~#118~#119~#120~#121~#122~#123~#124~#125~#126~#127~#128~#129~#130~#131~#132~#133~#134~#135~#136~#137~#138~#139~#140~#141~#142~#143~#144~#145~#146~#147~#148~#149~#150~#151~#2~#3~#4~#5~#6~#7~#8~#9~#10~#11~#12~#13~#14~#15~#16~#17~#18~#19~#20~#21~#22~#23~#24~#25~#26~#27~#28~#29~#30~#31~#32~#33~#34~#35~#36~#37~#38~#39~#40~#41~#42~#43~#44~#45~#46~#47~#48~#49~#50~#51~#52~#53~#54~#55~#56~#57~#58~#59~#60~#61~#62~#63~#64~#65~#66~#67~#68~#69~#70~#71~#72~#73~#74~#75~#76~#77~#78~#79~#80~#81~#82~#83~#84~#85~#86~#87~#88~#89~#90~#91~#92~#93~#94~#95~#96~#97~#98~#99~#100~#101~#102~#103~#104~#105~#106~#107~#108~#109~#110~#111~#112~#113~#114~#115~#116~#117~#118~#119~#120~#121~#122~#123~#124~#125~#126~#127~#128~#129~#130~#131~#132~#133~#134~#135~#136~#137~#138~#139~#140~#141~#142~#143~#144~#145~#146~#147~#148~#149~#150~#151~#2~#3~#4~#5~#6~#7~#8~#9~#10~#11~#12~#13~#14~#15~#16~#17~#18~#19~#20~#21~#22~#23~#24~#25~#26~#27~#28~#29~#30~#31~#32~#33~#34~#35~#36~#37~#38~#39~#40~#41~#42~#43~#44~#45~#46~#47~#48~#49~#50~#51~#52~#53~#54~#55~#56~#57~#58~#59~#60~#61~#62~#63~#64~#65~#66~#67~#68~#69~#70~#71~#72~#73~#74~#75~#76~#77~#78~#79~#80~#81~#82~#83~#84~#85~#86~#87~#88~#89~#90~#91~#92~#93~#94~#95~#96~#97~#98~#99~#100~#101~#102~#103~#104~#105~#106~#107~#108~#109~#110~#111~#112~#113~#114~#115~#116~#117~#118~#119~#120~#121~#122~#123~#124~#125~#126~#127~#128~#129~#130~#131~#132~#133~#134~#135~#136~#137~#138~#139~#140~#141~#142~#143~#144~#145~#146~#147~#148~#149~#150~#151~

type = string-attribute
name = TEMPLATE_SPACE
count = 4
'MNI~

type = integer-attribute
name = INT_CMAP
count = 1
 0

type = string-attribute
name = BYTEORDER_STRING
count = 10
'LSB_FIRST~
